GEM
  remote: https://rubygems.org/
  specs:
    dummer (0.3.5)
      fluent-logger
      serverengine
      thor
    fluent-logger (0.5.0)
      msgpack (>= 0.4.4, < 0.6.0, != 0.5.3, != 0.5.2, != 0.5.1, != 0.5.0)
    msgpack (0.5.12)
    serverengine (1.5.10)
      sigdump (~> 0.2.2)
    sigdump (0.2.3)
    thor (0.19.1)

PLATFORMS
  ruby

DEPENDENCIES
  dummer
